PATH
  remote: .
  specs:
    paykassa (0.1.1)

GEM
  remote: https://rubygems.org/
  specs:
    diff-lcs (1.5.0)
    rake (13.0.6)
    redcarpet (2.3.0)
    rr (3.0.9)
    rspec (3.11.0)
      rspec-core (~> 3.11.0)
      rspec-expectations (~> 3.11.0)
      rspec-mocks (~> 3.11.0)
    rspec-core (3.11.0)
      rspec-support (~> 3.11.0)
    rspec-expectations (3.11.0)
      diff-lcs (>= 1.2.0, < 2.0)
      rspec-support (~> 3.11.0)
    rspec-mocks (3.11.0)
      diff-lcs (>= 1.2.0, < 2.0)
      rspec-support (~> 3.11.0)
    rspec-support (3.11.0)
    webrick (1.7.0)
    yard (0.9.27)
      webrick (~> 1.7.0)

PLATFORMS
  x86_64-darwin-21

DEPENDENCIES
  paykassa!
  rake (~> 13.0)
  redcarpet (~> 2.3.0)
  rr (~> 3.0.3)
  rspec (~> 3.0)
  rspec-core (~> 3.11.0)
  rspec-expectations (~> 3.11.0)
  yard (~> 0.9.27)

BUNDLED WITH
   2.2.32
